GEM
  remote: https://rubygems.org/
  specs:
    addressable (2.8.1)
      public_suffix (>= 2.0.2, < 6.0)
    git (1.13.0)
      addressable (~> 2.8)
      rchardet (~> 1.8)
    public_suffix (5.0.1)
    rake (13.0.1)
    rchardet (1.8.0)

PLATFORMS
  ruby

DEPENDENCIES
  git (~> 1.13)
  rake (~> 13.0)

BUNDLED WITH
   2.1.4
